GEM
  remote: https://rubygems.org/
  specs:
    daemons (1.1.9)
    eventmachine (1.0.3)
    httparty (0.11.0)
      multi_json (~> 1.0)
      multi_xml (>= 0.5.2)
    json (1.7.5)
    mini_portile (0.5.2)
    multi_json (1.8.2)
    multi_xml (0.5.5)
    newrelic_rpm (3.7.0.177)
    nokogiri (1.6.0)
      mini_portile (~> 0.5.0)
    ox (2.0.12)
    rack (1.5.2)
    rack-protection (1.5.1)
      rack
    rack-test (0.6.2)
      rack (>= 1.0)
    rake (10.0.2)
    sinatra (1.4.4)
      rack (~> 1.4)
      rack-protection (~> 1.4)
      tilt (~> 1.3, >= 1.3.4)
    thin (1.6.1)
      daemons (>= 1.0.9)
      eventmachine (>= 1.0.0)
      rack (>= 1.0.0)
    tilt (1.4.1)
    xively-rb (0.2.10)
      httparty (>= 0.10.0)
      multi_json (>= 1.3.6)
      multi_xml (>= 0.5.2)
      nokogiri (>= 1.5.6)
      ox (>= 1.5.9)
      yajl-ruby (>= 1.1.0)
    yajl-ruby (1.1.0)

PLATFORMS
  ruby

DEPENDENCIES
  json
  newrelic_rpm
  rack
  rack-test
  rake
  sinatra
  thin
  xively-rb
